GIT
  remote: git://github.com/drapergem/draper.git
  revision: 157eb955072a941e6455e0121fca09a989fcbc21
  specs:
    draper (3.0.1)
      actionpack (>= 5.0)
      activemodel (>= 5.0)
      activemodel-serializers-xml (>= 1.0)
      activesupport (>= 5.0)
      request_store (>= 1.0)

GIT
  remote: git://github.com/rails/activemodel-serializers-xml.git
  revision: 93689638c28525acc65afb638fce866826532641
  specs:
    activemodel-serializers-xml (1.0.2)
      activemodel (>= 5.0.0.a)
      activesupport (>= 5.0.0.a)
      builder (~> 3.1)

GIT
  remote: https://github.com/activeadmin/inherited_resources
  revision: eb822433650bba76f8c41be2b90d749548efcb9f
  ref: eb822433650bba76f8c41be2b90d749548efcb9f
  specs:
    inherited_resources (1.9.0)
      actionpack (>= 5.0, < 6.0)
      has_scope (~> 0.6)
      railties (>= 5.0, < 6.0)
      responders

PATH
  remote: .
  specs:
    activeadmin (2.0.0.alpha)
      arbre (~> 1.1, >= 1.1.1)
      formtastic (~> 3.1)
      formtastic_i18n (~> 0.4)
      jquery-rails (~> 4.2)
      kaminari (~> 1.0, >= 1.0.1)
      railties (>= 5.0)
      ransack (~> 2.1, >= 2.1.1)
      sass (~> 3.4)
      sprockets (>= 3.0, < 4.1)
      sprockets-es6 (~> 0.9, >= 0.9.2)

GEM
  remote: https://rubygems.org/
  specs:
    actioncable (6.0.0.beta1)
      actionpack (= 6.0.0.beta1)
      nio4r (~> 2.0)
      websocket-driver (>= 0.6.1)
    actionmailbox (6.0.0.beta1)
      actionpack (= 6.0.0.beta1)
      activejob (= 6.0.0.beta1)
      activerecord (= 6.0.0.beta1)
      activestorage (= 6.0.0.beta1)
      activesupport (= 6.0.0.beta1)
      mail (>= 2.7.1)
    actionmailer (6.0.0.beta1)
      actionpack (= 6.0.0.beta1)
      actionview (= 6.0.0.beta1)
      activejob (= 6.0.0.beta1)
      mail (~> 2.5, >= 2.5.4)
      rails-dom-testing (~> 2.0)
    actionpack (6.0.0.beta1)
      actionview (= 6.0.0.beta1)
      activesupport (= 6.0.0.beta1)
      rack (~> 2.0)
      rack-test (>= 0.6.3)
      rails-dom-testing (~> 2.0)
      rails-html-sanitizer (~> 1.0, >= 1.0.2)
    actiontext (6.0.0.beta1)
      actionpack (= 6.0.0.beta1)
      activerecord (= 6.0.0.beta1)
      activestorage (= 6.0.0.beta1)
      activesupport (= 6.0.0.beta1)
      nokogiri (>= 1.8.5)
    actionview (6.0.0.beta1)
      activesupport (= 6.0.0.beta1)
      builder (~> 3.1)
      erubi (~> 1.4)
      rails-dom-testing (~> 2.0)
      rails-html-sanitizer (~> 1.0, >= 1.0.3)
    activejob (6.0.0.beta1)
      activesupport (= 6.0.0.beta1)
      globalid (>= 0.3.6)
    activemodel (6.0.0.beta1)
      activesupport (= 6.0.0.beta1)
    activerecord (6.0.0.beta1)
      activemodel (= 6.0.0.beta1)
      activesupport (= 6.0.0.beta1)
    activerecord-jdbc-adapter (50.0)
      activerecord (>= 2.2)
    activerecord-jdbcsqlite3-adapter (50.0)
      activerecord-jdbc-adapter (~> 50.0)
      jdbc-sqlite3 (~> 3.8, < 3.30)
    activestorage (6.0.0.beta1)
      actionpack (= 6.0.0.beta1)
      activerecord (= 6.0.0.beta1)
      marcel (~> 0.3.1)
    activesupport (6.0.0.beta1)
      concurrent-ruby (~> 1.0, >= 1.0.2)
      i18n (>= 0.7, < 2)
      minitest (~> 5.1)
      tzinfo (~> 1.1)
    addressable (2.5.2)
      public_suffix (>= 2.0.2, < 4.0)
    arbre (1.1.1)
      activesupport (>= 3.0.0)
    ast (2.4.0)
    babel-source (5.8.35)
    babel-transpiler (0.7.0)
      babel-source (>= 4.0, < 6)
      execjs (~> 2.0)
    backports (3.12.0)
    bcrypt (3.1.12)
    bcrypt (3.1.12-java)
    builder (3.2.3)
    byebug (11.0.0)
    cancancan (2.3.0)
    capybara (3.14.0)
      addressable
      mini_mime (>= 0.1.3)
      nokogiri (~> 1.8)
      rack (>= 1.6.0)
      rack-test (>= 0.6.3)
      regexp_parser (~> 1.2)
      xpath (~> 3.2)
    chandler (0.9.0)
      netrc
      octokit (>= 2.2.0)
    childprocess (0.9.0)
      ffi (~> 1.0, >= 1.0.11)
    coderay (1.1.2)
    concurrent-ruby (1.1.4)
    crass (1.0.4)
    cucumber (3.1.2)
      builder (>= 2.1.2)
      cucumber-core (~> 3.2.0)
      cucumber-expressions (~> 6.0.1)
      cucumber-wire (~> 0.0.1)
      diff-lcs (~> 1.3)
      gherkin (~> 5.1.0)
      multi_json (>= 1.7.5, < 2.0)
      multi_test (>= 0.1.2)
    cucumber-core (3.2.1)
      backports (>= 3.8.0)
      cucumber-tag_expressions (~> 1.1.0)
      gherkin (~> 5.0)
    cucumber-expressions (6.0.1)
    cucumber-rails (1.6.0)
      capybara (>= 1.1.2, < 4)
      cucumber (>= 3.0.2, < 4)
      mime-types (>= 1.17, < 4)
      nokogiri (~> 1.8)
      railties (>= 4, < 6)
    cucumber-tag_expressions (1.1.1)
    cucumber-wire (0.0.1)
    database_cleaner (1.7.0)
    devise (4.6.1)
      bcrypt (~> 3.0)
      orm_adapter (~> 0.1)
      railties (>= 4.1.0, < 6.0)
      responders
      warden (~> 1.2.3)
    diff-lcs (1.3)
    docile (1.3.1)
    erubi (1.8.0)
    execjs (2.7.0)
    faraday (0.15.4)
      multipart-post (>= 1.2, < 3)
    ffi (1.10.0)
    ffi (1.10.0-java)
    formtastic (3.1.5)
      actionpack (>= 3.2.13)
    formtastic_i18n (0.6.0)
    gherkin (5.1.0)
    globalid (0.4.2)
      activesupport (>= 4.2.0)
    has_scope (0.7.2)
      actionpack (>= 4.1)
      activesupport (>= 4.1)
    highline (2.0.1)
    i18n (1.5.3)
      concurrent-ruby (~> 1.0)
    i18n-spec (0.6.0)
      iso
    i18n-tasks (0.9.28)
      activesupport (>= 4.0.2)
      ast (>= 2.1.0)
      erubi
      highline (>= 2.0.0)
      i18n
      parser (>= 2.2.3.0)
      rails-i18n
      rainbow (>= 2.2.2, < 4.0)
      terminal-table (>= 1.5.1)
    iso (0.2.2)
      i18n
    jaro_winkler (1.5.2)
    jaro_winkler (1.5.2-java)
    jasmine (3.3.0)
      jasmine-core (~> 3.3.0)
      phantomjs
      rack (>= 1.2.1)
      rake
    jasmine-core (3.3.0)
    jdbc-sqlite3 (3.20.1)
    jquery-rails (4.3.3)
      rails-dom-testing (>= 1, < 3)
      railties (>= 4.2.0)
      thor (>= 0.14, < 2.0)
    jruby-openssl (0.10.2-java)
    json (2.2.0)
    json (2.2.0-java)
    kaminari (1.1.1)
      activesupport (>= 4.1.0)
      kaminari-actionview (= 1.1.1)
      kaminari-activerecord (= 1.1.1)
      kaminari-core (= 1.1.1)
    kaminari-actionview (1.1.1)
      actionview
      kaminari-core (= 1.1.1)
    kaminari-activerecord (1.1.1)
      activerecord
      kaminari-core (= 1.1.1)
    kaminari-core (1.1.1)
    kramdown (1.17.0)
    launchy (2.4.3)
      addressable (~> 2.3)
    launchy (2.4.3-java)
      addressable (~> 2.3)
      spoon (~> 0.0.1)
    loofah (2.2.3)
      crass (~> 1.0.2)
      nokogiri (>= 1.5.9)
    mail (2.7.1)
      mini_mime (>= 0.1.1)
    marcel (0.3.3)
      mimemagic (~> 0.3.2)
    mdl (0.5.0)
      kramdown (~> 1.12, >= 1.12.0)
      mixlib-cli (~> 1.7, >= 1.7.0)
      mixlib-config (~> 2.2, >= 2.2.1)
    method_source (0.9.2)
    mime-types (3.2.2)
      mime-types-data (~> 3.2015)
    mime-types-data (3.2018.0812)
    mimemagic (0.3.3)
    mini_mime (1.0.1)
    mini_portile2 (2.4.0)
    minitest (5.11.3)
    mixlib-cli (1.7.0)
    mixlib-config (2.2.18)
      tomlrb
    multi_json (1.13.1)
    multi_test (0.1.2)
    multipart-post (2.0.0)
    netrc (0.11.0)
    nio4r (2.3.1)
    nio4r (2.3.1-java)
    nokogiri (1.10.1)
      mini_portile2 (~> 2.4.0)
    nokogiri (1.10.1-java)
    octokit (4.13.0)
      sawyer (~> 0.8.0, >= 0.5.3)
    orm_adapter (0.5.0)
    parallel (1.14.0)
    parallel_tests (2.28.0)
      parallel
    parser (2.6.0.0)
      ast (~> 2.4.0)
    phantomjs (2.1.1.0)
    powerpack (0.1.2)
    pry (0.12.2)
      coderay (~> 1.1.0)
      method_source (~> 0.9.0)
    pry (0.12.2-java)
      coderay (~> 1.1.0)
      method_source (~> 0.9.0)
      spoon (~> 0.0)
    pry-byebug (3.7.0)
      byebug (~> 11.0)
      pry (~> 0.10)
    public_suffix (3.0.3)
    pundit (2.0.1)
      activesupport (>= 3.0.0)
    rack (2.0.6)
    rack-test (1.1.0)
      rack (>= 1.0, < 3)
    rails (6.0.0.beta1)
      actioncable (= 6.0.0.beta1)
      actionmailbox (= 6.0.0.beta1)
      actionmailer (= 6.0.0.beta1)
      actionpack (= 6.0.0.beta1)
      actiontext (= 6.0.0.beta1)
      actionview (= 6.0.0.beta1)
      activejob (= 6.0.0.beta1)
      activemodel (= 6.0.0.beta1)
      activerecord (= 6.0.0.beta1)
      activestorage (= 6.0.0.beta1)
      activesupport (= 6.0.0.beta1)
      bundler (>= 1.3.0)
      railties (= 6.0.0.beta1)
      sprockets-rails (>= 2.0.0)
    rails-dom-testing (2.0.3)
      activesupport (>= 4.2.0)
      nokogiri (>= 1.6)
    rails-html-sanitizer (1.0.4)
      loofah (~> 2.2, >= 2.2.2)
    rails-i18n (5.1.3)
      i18n (>= 0.7, < 2)
      railties (>= 5.0, < 6)
    railties (6.0.0.beta1)
      actionpack (= 6.0.0.beta1)
      activesupport (= 6.0.0.beta1)
      method_source
      rake (>= 0.8.7)
      thor (>= 0.20.3, < 2.0)
    rainbow (3.0.0)
    rake (12.3.2)
    ransack (2.1.1)
      actionpack (>= 5.0)
      activerecord (>= 5.0)
      activesupport (>= 5.0)
      i18n
    rb-fsevent (0.10.3)
    rb-inotify (0.10.0)
      ffi (~> 1.0)
    regexp_parser (1.3.0)
    request_store (1.4.1)
      rack (>= 1.4)
    responders (2.4.1)
      actionpack (>= 4.2.0, < 6.0)
      railties (>= 4.2.0, < 6.0)
    rspec-core (3.8.0)
      rspec-support (~> 3.8.0)
    rspec-expectations (3.8.2)
      diff-lcs (>= 1.2.0, < 2.0)
      rspec-support (~> 3.8.0)
    rspec-mocks (3.8.0)
      diff-lcs (>= 1.2.0, < 2.0)
      rspec-support (~> 3.8.0)
    rspec-rails (3.8.2)
      actionpack (>= 3.0)
      activesupport (>= 3.0)
      railties (>= 3.0)
      rspec-core (~> 3.8.0)
      rspec-expectations (~> 3.8.0)
      rspec-mocks (~> 3.8.0)
      rspec-support (~> 3.8.0)
    rspec-support (3.8.0)
    rubocop (0.63.1)
      jaro_winkler (~> 1.5.1)
      parallel (~> 1.10)
      parser (>= 2.5, != 2.5.1.1)
      powerpack (~> 0.1)
      rainbow (>= 2.2.2, < 4.0)
      ruby-progressbar (~> 1.7)
      unicode-display_width (~> 1.4.0)
    rubocop-rspec (1.32.0)
      rubocop (>= 0.60.0)
    ruby-progressbar (1.10.0)
    rubyzip (1.2.2)
    sass (3.7.3)
      sass-listen (~> 4.0.0)
    sass-listen (4.0.0)
      rb-fsevent (~> 0.9, >= 0.9.4)
      rb-inotify (~> 0.9, >= 0.9.7)
    sawyer (0.8.1)
      addressable (>= 2.3.5, < 2.6)
      faraday (~> 0.8, < 1.0)
    selenium-webdriver (3.141.0)
      childprocess (~> 0.5)
      rubyzip (~> 1.2, >= 1.2.2)
    simplecov (0.16.1)
      docile (~> 1.1)
      json (>= 1.8, < 3)
      simplecov-html (~> 0.10.0)
    simplecov-html (0.10.2)
    spoon (0.0.6)
      ffi
    sprockets (3.7.2)
      concurrent-ruby (~> 1.0)
      rack (> 1, < 3)
    sprockets-es6 (0.9.2)
      babel-source (>= 5.8.11)
      babel-transpiler
      sprockets (>= 3.0.0)
    sprockets-rails (3.2.1)
      actionpack (>= 4.0)
      activesupport (>= 4.0)
      sprockets (>= 3.0.0)
    sqlite3 (1.3.13)
    terminal-table (1.8.0)
      unicode-display_width (~> 1.1, >= 1.1.1)
    thor (0.20.3)
    thread_safe (0.3.6)
    thread_safe (0.3.6-java)
    tomlrb (1.2.8)
    tzinfo (1.2.5)
      thread_safe (~> 0.1)
    unicode-display_width (1.4.1)
    warden (1.2.8)
      rack (>= 2.0.6)
    websocket-driver (0.7.0)
      websocket-extensions (>= 0.1.0)
    websocket-driver (0.7.0-java)
      websocket-extensions (>= 0.1.0)
    websocket-extensions (0.1.3)
    xpath (3.2.0)
      nokogiri (~> 1.8)
    yard (0.9.18)

PLATFORMS
  java
  ruby

DEPENDENCIES
  activeadmin!
  activemodel-serializers-xml!
  activerecord-jdbcsqlite3-adapter
  cancancan
  capybara (~> 3.14)
  chandler (= 0.9.0)
  cucumber
  cucumber-rails (~> 1.5)
  database_cleaner
  devise
  draper!
  i18n-spec
  i18n-tasks
  inherited_resources!
  jasmine
  jasmine-core
  jruby-openssl
  kramdown
  launchy
  mdl (= 0.5.0)
  parallel_tests (~> 2.26)
  pry
  pry-byebug
  pundit
  rails (= 6.0.0.beta1)
  rails-i18n
  rake
  responders
  rspec-rails
  rubocop (= 0.63.1)
  rubocop-rspec (~> 1.30)
  selenium-webdriver
  simplecov
  sqlite3 (~> 1.3.6)
  yard

BUNDLED WITH
   2.0.1
